GEM
  remote: https://rubygems.org/
  specs:
    activesupport (6.1.4.4)
      concurrent-ruby (~> 1.0, >= 1.0.2)
      i18n (>= 1.6, < 2)
      minitest (>= 5.1)
      tzinfo (~> 2.0)
      zeitwerk (~> 2.3)
    archivesspace-client (0.1.11)
      dry-cli (~> 0.7)
      httparty (~> 0.14)
      json (~> 2.0)
      nokogiri (~> 1.10)
    byebug (11.1.3)
    coderay (1.1.3)
    concurrent-ruby (1.1.9)
    dry-cli (0.7.0)
    httparty (0.20.0)
      mime-types (~> 3.0)
      multi_xml (>= 0.5.2)
    i18n (1.9.1)
      concurrent-ruby (~> 1.0)
    json (2.6.1)
    method_source (1.0.0)
    mime-types (3.4.1)
      mime-types-data (~> 3.2015)
    mime-types-data (3.2022.0105)
    mini_portile2 (2.7.1)
    minitest (5.15.0)
    multi_xml (0.6.0)
    nokogiri (1.13.1)
      mini_portile2 (~> 2.7.0)
      racc (~> 1.4)
    pry (0.13.1)
      coderay (~> 1.1)
      method_source (~> 1.0)
    pry-byebug (3.9.0)
      byebug (~> 11.0)
      pry (~> 0.13.0)
    racc (1.6.0)
    thor (1.2.1)
    tzinfo (2.0.4)
      concurrent-ruby (~> 1.0)
    zeitwerk (2.5.4)

PLATFORMS
  ruby

DEPENDENCIES
  activesupport
  archivesspace-client
  pry-byebug
  thor

BUNDLED WITH
   1.17.2
