GEM
  remote: https://rubygems.org/
  specs:
    archivesspace-client (0.1.11)
      dry-cli (~> 0.7)
      httparty (~> 0.14)
      json (~> 2.0)
      nokogiri (~> 1.10)
    byebug (11.1.3)
    coderay (1.1.3)
    dry-cli (0.7.0)
    httparty (0.20.0)
      mime-types (~> 3.0)
      multi_xml (>= 0.5.2)
    json (2.6.1)
    method_source (1.0.0)
    mime-types (3.4.1)
      mime-types-data (~> 3.2015)
    mime-types-data (3.2022.0105)
    mini_portile2 (2.7.1)
    multi_xml (0.6.0)
    nokogiri (1.13.1)
      mini_portile2 (~> 2.7.0)
      racc (~> 1.4)
    pry (0.13.1)
      coderay (~> 1.1)
      method_source (~> 1.0)
    pry-byebug (3.9.0)
      byebug (~> 11.0)
      pry (~> 0.13.0)
    racc (1.6.0)
    thor (1.2.1)

PLATFORMS
  ruby

DEPENDENCIES
  archivesspace-client
  pry-byebug
  thor

BUNDLED WITH
   2.1.4
